GEM
  remote: https://rubygems.org/
  remote: http://172.30.5.27:9292/
  specs:
    CFPropertyList (2.3.5)
    activesupport (4.2.8)
      i18n (~> 0.7)
      minitest (~> 5.1)
      thread_safe (~> 0.3, >= 0.3.4)
      tzinfo (~> 1.1)
    addressable (2.3.8)
    claide (1.0.1)
    clamp (0.6.5)
    colored (1.2)
    fastimage (1.9.0)
      addressable (~> 2.3.5)
    i18n (0.8.1)
    json (2.0.3)
    mini_portile2 (2.1.0)
    minitest (5.10.1)
    nanaimo (0.2.3)
    nokogiri (1.6.8.1)
      mini_portile2 (~> 2.1.0)
    omprovisioning-ios (0.0.6)
    omrakelib-ios (0.4.5)
      CFPropertyList (~> 2.3)
      activesupport (~> 4.2)
      fastimage (~> 1.8)
      omprovisioning-ios (~> 0.0.1)
      rake (~> 10.4)
      rubyzip (~> 1.2)
      slather (~> 2.0)
      xcpretty (~> 0.2)
    rake (10.5.0)
    rouge (1.11.1)
    rubyzip (1.2.1)
    slather (2.3.0)
      activesupport (>= 4.0.2, < 5)
      clamp (~> 0.6)
      nokogiri (~> 1.6.3)
      xcodeproj (>= 0.20, < 2.0.0)
    thread_safe (0.3.6)
    trollop (2.1.2)
    tzinfo (1.2.2)
      thread_safe (~> 0.1)
    xcodeproj (1.4.2)
      CFPropertyList (~> 2.3.3)
      activesupport (>= 3)
      claide (>= 1.0.1, < 2.0)
      colored (~> 1.2)
      nanaimo (~> 0.2.3)
    xcpretty (0.2.4)
      rouge (~> 1.8)

PLATFORMS
  ruby

DEPENDENCIES
  json
  nokogiri
  omrakelib-ios!
  rake
  slather
  trollop
  xcpretty

BUNDLED WITH
   1.13.6
